GEM
  remote: https://rubygems.org/
  specs:
    aws-sdk-v1 (1.57.0)
      json (~> 1.4)
      nokogiri (>= 1.4.4)
    coderay (1.1.0)
    colored (1.2)
    git (1.2.8)
    highline (1.6.21)
    json (1.8.1)
    method_source (0.8.2)
    mini_portile (0.6.0)
    nokogiri (1.6.3.1)
      mini_portile (= 0.6.0)
    pry (0.10.1)
      coderay (~> 1.1.0)
      method_source (~> 0.8.1)
      slop (~> 3.4)
    rainbow (2.0.0)
    rake (10.3.2)
    rfc822 (0.1.5)
    rubyzip (1.1.6)
    sass (3.4.7)
    scss-lint (0.29.0)
      rainbow (~> 2.0)
      sass (~> 3.4.0)
    slim (2.1.0)
      temple (~> 0.6.9)
      tilt (>= 1.3.3, < 2.1)
    slop (3.6.0)
    sqlite3 (1.3.10)
    temple (0.6.10)
    tilt (2.0.1)

PLATFORMS
  ruby

DEPENDENCIES
  aws-sdk-v1
  colored
  git
  highline
  pry
  rake
  rfc822
  rubyzip
  sass
  scss-lint
  slim
  sqlite3
